GEM
  remote: https://rubygems.org/
  specs:
    color (1.8)
    geo_pattern (1.4.0)
      color (~> 1.5)
    rack (1.6.4)
    rack-protection (1.5.3)
      rack
    sinatra (1.4.6)
      rack (~> 1.4)
      rack-protection (~> 1.4)
      tilt (>= 1.3, < 3)
    tilt (2.0.2)

PLATFORMS
  ruby

DEPENDENCIES
  geo_pattern
  sinatra

BUNDLED WITH
   1.11.2
