GEM
  remote: https://rubygems.org/
  specs:
    color (1.8)
    geo_pattern (1.4.0)
      color (~> 1.5)
    mustermann (1.0.2)
    rack (2.0.5)
    rack-protection (2.0.3)
      rack
    sinatra (2.0.3)
      mustermann (~> 1.0)
      rack (~> 2.0)
      rack-protection (= 2.0.3)
      tilt (~> 2.0)
    tilt (2.0.8)

PLATFORMS
  ruby

DEPENDENCIES
  geo_pattern
  sinatra

BUNDLED WITH
   1.16.1
